GEM
  remote: https://rubygems.org/
  specs:
    activesupport (6.1.3.2)
      concurrent-ruby (~> 1.0, >= 1.0.2)
      i18n (>= 1.6, < 2)
      minitest (>= 5.1)
      tzinfo (~> 2.0)
      zeitwerk (~> 2.3)
    colored2 (3.1.2)
    concurrent-ruby (1.1.8)
    confidante (0.27.0)
      activesupport (>= 4)
      hiera (~> 3.3, >= 3.3.1)
      shikashi (~> 0.6)
    evalhook (0.6.0)
      partialruby (~> 0.3)
      sexp_processor (~> 4.0)
    getsource (0.2.2)
    hamster (3.0.0)
      concurrent-ruby (~> 1.0)
    hiera (3.7.0)
    i18n (1.8.10)
      concurrent-ruby (~> 1.0)
    immutable-struct (2.4.1)
    lino (3.0.0)
      hamster (~> 3.0)
      open4 (~> 1.3)
    minitar (0.9)
    minitest (5.14.4)
    open4 (1.3.4)
    paint (2.2.1)
    partialruby (0.3.0)
      ruby2ruby (~> 2)
      ruby_parser (~> 3)
    rake (13.0.3)
    rake_dependencies (2.11.0)
      hamster (~> 3.0)
      minitar (~> 0.9)
      rake_factory (~> 0.23)
      rubyzip (>= 1.3)
    rake_factory (0.29.0)
      activesupport (>= 4)
      rake (~> 13.0)
    rake_terraform (1.19.0)
      colored2 (~> 3.1)
      rake_dependencies (~> 2.11)
      rake_factory (~> 0.23)
      ruby-terraform (~> 1.1)
    ruby-terraform (1.2.0)
      immutable-struct (~> 2.4)
      lino (~> 3.0)
    ruby2ruby (2.4.4)
      ruby_parser (~> 3.1)
      sexp_processor (~> 4.6)
    ruby_parser (3.16.0)
      sexp_processor (~> 4.15, >= 4.15.1)
    rubyzip (2.3.0)
    sexp_processor (4.15.3)
    shikashi (0.6.0)
      evalhook (>= 0.6.0)
      getsource (>= 0.1.0)
    tzinfo (2.0.4)
      concurrent-ruby (~> 1.0)
    zeitwerk (2.4.2)

PLATFORMS
  ruby

DEPENDENCIES
  confidante (~> 0.27)
  paint (~> 2.2)
  rake (~> 13.0)
  rake_terraform (~> 1.19)

BUNDLED WITH
   2.1.4
