GEM
  remote: https://rubygems.org/
  specs:
    activesupport (7.0.2.3)
      concurrent-ruby (~> 1.0, >= 1.0.2)
      i18n (>= 1.6, < 2)
      minitest (>= 5.1)
      tzinfo (~> 2.0)
    colored2 (3.1.2)
    concurrent-ruby (1.1.9)
    confidante (0.27.0)
      activesupport (>= 4)
      hiera (~> 3.3, >= 3.3.1)
      shikashi (~> 0.6)
    evalhook (0.6.0)
      partialruby (~> 0.3)
      sexp_processor (~> 4.0)
    getsource (0.2.2)
    hamster (3.0.0)
      concurrent-ruby (~> 1.0)
    hiera (3.8.0)
    i18n (1.10.0)
      concurrent-ruby (~> 1.0)
    immutable-struct (2.4.1)
    lino (3.0.0)
      hamster (~> 3.0)
      open4 (~> 1.3)
    minitar (0.9)
    minitest (5.15.0)
    open4 (1.3.4)
    paint (2.2.1)
    partialruby (0.3.0)
      ruby2ruby (~> 2)
      ruby_parser (~> 3)
    rake (13.0.6)
    rake_dependencies (2.13.0)
      hamster (~> 3.0)
      minitar (~> 0.9)
      rake_factory (~> 0.23)
      rubyzip (>= 1.3)
    rake_factory (0.29.0)
      activesupport (>= 4)
      rake (~> 13.0)
    rake_terraform (1.21.0)
      colored2 (~> 3.1)
      rake_dependencies (~> 2.11)
      rake_factory (~> 0.23)
      ruby-terraform (~> 1.4)
    ruby-terraform (1.4.0)
      immutable-struct (~> 2.4)
      lino (~> 3.0)
    ruby2ruby (2.4.4)
      ruby_parser (~> 3.1)
      sexp_processor (~> 4.6)
    ruby_parser (3.18.1)
      sexp_processor (~> 4.16)
    rubyzip (2.3.2)
    sexp_processor (4.16.0)
    shikashi (0.6.0)
      evalhook (>= 0.6.0)
      getsource (>= 0.1.0)
    tzinfo (2.0.4)
      concurrent-ruby (~> 1.0)

PLATFORMS
  ruby

DEPENDENCIES
  confidante
  paint
  rake
  rake_terraform

BUNDLED WITH
   2.3.9
